PATH
  remote: .
  specs:
    hoosegow (1.0.1)
      msgpack
      yajl-ruby (~> 1.1, >= 1.1.0)

GEM
  remote: https://rubygems.org/
  specs:
    diff-lcs (1.2.4)
    msgpack (0.5.8)
    rspec (2.14.1)
      rspec-core (~> 2.14.0)
      rspec-expectations (~> 2.14.0)
      rspec-mocks (~> 2.14.0)
    rspec-core (2.14.5)
    rspec-expectations (2.14.3)
      diff-lcs (>= 1.1.3, < 2.0)
    rspec-mocks (2.14.3)
    yajl-ruby (1.2.1)

PLATFORMS
  ruby

DEPENDENCIES
  hoosegow!
  rspec (= 2.14.1)
