GIT
  remote: https://github.com/mastahyeti/docker-api
  revision: df4fae3ac7088b88aefdc966c55f0cc26522b21f
  branch: build_from_tar
  specs:
    docker-api (1.13.3)
      archive-tar-minitar
      excon (>= 0.38.0)
      json

PATH
  remote: .
  specs:
    hoosegow (1.0.1)
      docker-api (~> 1.13.3)
      msgpack
      yajl-ruby

GEM
  remote: https://rubygems.org/
  specs:
    archive-tar-minitar (0.5.2)
    diff-lcs (1.2.4)
    excon (0.39.6)
    json (1.8.1)
    msgpack (0.5.8)
    rspec (2.14.1)
      rspec-core (~> 2.14.0)
      rspec-expectations (~> 2.14.0)
      rspec-mocks (~> 2.14.0)
    rspec-core (2.14.5)
    rspec-expectations (2.14.3)
      diff-lcs (>= 1.1.3, < 2.0)
    rspec-mocks (2.14.3)
    yajl-ruby (1.2.1)

PLATFORMS
  ruby

DEPENDENCIES
  docker-api!
  hoosegow!
  rspec
