PATH
  remote: .
  specs:
    hoosegow (1.2.0)
      docker-api (~> 1.13.6)
      msgpack (~> 0.5, >= 0.5.6)
      yajl-ruby (~> 1.1, >= 1.1.0)

GEM
  remote: https://rubygems.org/
  specs:
    archive-tar-minitar (0.5.2)
    diff-lcs (1.2.4)
    docker-api (1.13.6)
      archive-tar-minitar
      excon (>= 0.38.0)
      json
    excon (0.39.6)
    json (1.8.1)
    msgpack (0.5.8)
    rake (10.3.2)
    rspec (2.14.1)
      rspec-core (~> 2.14.0)
      rspec-expectations (~> 2.14.0)
      rspec-mocks (~> 2.14.0)
    rspec-core (2.14.5)
    rspec-expectations (2.14.3)
      diff-lcs (>= 1.1.3, < 2.0)
    rspec-mocks (2.14.3)
    yajl-ruby (1.2.1)

PLATFORMS
  ruby

DEPENDENCIES
  hoosegow!
  rake (~> 10.3, >= 10.3.2)
  rspec (~> 2.14, >= 2.14.1)
